PATH
  remote: .
  specs:
    jrdspace (0.0.14)
      jar
      json

GEM
  remote: https://rubygems.org/
  specs:
    columnize (0.9.0)
    diff-lcs (1.3)
    jar (0.0.1)
    json (2.3.0)
    json (2.3.0-java)
    linecache (1.3.1)
    rake (10.4.2)
    rspec (3.9.0)
      rspec-core (~> 3.9.0)
      rspec-expectations (~> 3.9.0)
      rspec-mocks (~> 3.9.0)
    rspec-core (3.9.2)
      rspec-support (~> 3.9.3)
    rspec-expectations (3.9.2)
      diff-lcs (>= 1.2.0, < 2.0)
      rspec-support (~> 3.9.0)
    rspec-mocks (3.9.1)
      diff-lcs (>= 1.2.0, < 2.0)
      rspec-support (~> 3.9.0)
    rspec-support (3.9.3)
    ruby-debug (0.10.4)
      columnize (>= 0.1)
      ruby-debug-base (~> 0.10.4.0)
    ruby-debug-base (0.10.4)
      linecache (>= 0.3)
    ruby-debug-base (0.10.4-java)
    yard (0.9.25)

PLATFORMS
  java
  ruby

DEPENDENCIES
  bundler (~> 1.10)
  jrdspace!
  rake (~> 10.0)
  rspec
  ruby-debug
  yard

BUNDLED WITH
   1.17.2
