PATH
  remote: .
  specs:
    jrdspace (0.0.14)
      jar
      json

GEM
  remote: https://rubygems.org/
  specs:
    jar (0.0.1)
    json (2.3.1-java)
    rake (13.0.1)
    yard (0.9.25)

PLATFORMS
  java

DEPENDENCIES
  bundler (~> 2.1)
  jrdspace!
  rake (~> 13.0)
  yard

BUNDLED WITH
   2.1.4
